GIT
  remote: https://github.com/SoftwareBrothers/rails_admin_softwarebrothers_theme
  revision: 390c3b8e86d6423b88e99b015dd3490b4c1707ce
  specs:
    rails_admin_softwarebrothers_theme (0.0.6)
      rails (>= 4.2.0)

GIT
  remote: https://github.com/globalize/globalize
  revision: 8f1e84942a1bbe4e77ae2ce87450c43eb447bbaa
  specs:
    globalize (5.3.0)
      activemodel (>= 4.2, < 6.1)
      activerecord (>= 4.2, < 6.1)
      request_store (~> 1.0)

GEM
  remote: https://rubygems.org/
  remote: https://rails-assets.org/
  specs:
    actioncable (5.2.3)
      actionpack (= 5.2.3)
      nio4r (~> 2.0)
      websocket-driver (>= 0.6.1)
    actionmailer (5.2.3)
      actionpack (= 5.2.3)
      actionview (= 5.2.3)
      activejob (= 5.2.3)
      mail (~> 2.5, >= 2.5.4)
      rails-dom-testing (~> 2.0)
    actionpack (5.2.3)
      actionview (= 5.2.3)
      activesupport (= 5.2.3)
      rack (~> 2.0)
      rack-test (>= 0.6.3)
      rails-dom-testing (~> 2.0)
      rails-html-sanitizer (~> 1.0, >= 1.0.2)
    actionview (5.2.3)
      activesupport (= 5.2.3)
      builder (~> 3.1)
      erubi (~> 1.4)
      rails-dom-testing (~> 2.0)
      rails-html-sanitizer (~> 1.0, >= 1.0.3)
    active_model_serializers (0.10.10)
      actionpack (>= 4.1, < 6.1)
      activemodel (>= 4.1, < 6.1)
      case_transform (>= 0.2)
      jsonapi-renderer (>= 0.1.1.beta1, < 0.3)
    activejob (5.2.3)
      activesupport (= 5.2.3)
      globalid (>= 0.3.6)
    activemodel (5.2.3)
      activesupport (= 5.2.3)
    activerecord (5.2.3)
      activemodel (= 5.2.3)
      activesupport (= 5.2.3)
      arel (>= 9.0)
    activestorage (5.2.3)
      actionpack (= 5.2.3)
      activerecord (= 5.2.3)
      marcel (~> 0.3.1)
    activesupport (5.2.3)
      concurrent-ruby (~> 1.0, >= 1.0.2)
      i18n (>= 0.7, < 2)
      minitest (~> 5.1)
      tzinfo (~> 1.1)
    addressable (2.6.0)
      public_suffix (>= 2.0.2, < 4.0)
    airbrussh (1.4.0)
      sshkit (>= 1.6.1, != 1.7.0)
    anycable (0.6.3)
      anyway_config (~> 1.4.2)
      grpc (~> 1.17)
    anycable-rails (0.6.4)
      anycable (~> 0.6.0)
      rails (>= 5)
    anyway_config (1.4.4)
    arel (9.0.0)
    ast (2.4.0)
    awesome_print (1.8.0)
    awesome_pry (0.0.1)
      awesome_print
      pry-rails
    bcrypt (3.1.13)
    bcrypt_pbkdf (1.0.1)
    better_errors (2.5.1)
      coderay (>= 1.0.0)
      erubi (>= 1.0.0)
      rack (>= 0.9.0)
    bindex (0.7.0)
    binding_of_caller (0.8.0)
      debug_inspector (>= 0.0.1)
    bootsnap (1.4.6)
      msgpack (~> 1.0)
    bson (1.12.5)
    bson_ext (1.12.5)
      bson (~> 1.12.5)
    builder (3.2.3)
    byebug (11.0.1)
    capistrano (3.11.0)
      airbrussh (>= 1.0.0)
      i18n
      rake (>= 10.0.0)
      sshkit (>= 1.9.0)
    carrierwave (1.3.2)
      activemodel (>= 4.0.0)
      activesupport (>= 4.0.0)
      mime-types (>= 1.16)
      ssrf_filter (~> 1.0)
    case_transform (0.2)
      activesupport
    choice (0.2.0)
    ckeditor (4.3.0)
      orm_adapter (~> 0.5.0)
      terrapin
    climate_control (0.2.0)
    coderay (1.1.2)
    coffee-rails (4.2.2)
      coffee-script (>= 2.2.0)
      railties (>= 4.0.0)
    coffee-script (2.4.1)
      coffee-script-source
      execjs
    coffee-script-source (1.12.2)
    color (1.8)
    colorscore (0.0.5)
      color
    concurrent-ruby (1.1.5)
    connection_pool (2.2.2)
    crass (1.0.4)
    database_cleaner (1.7.0)
    debug_inspector (0.0.3)
    declarative (0.0.10)
    declarative-option (0.1.0)
    devise (4.6.2)
      bcrypt (~> 3.0)
      orm_adapter (~> 0.1)
      railties (>= 4.1.0, < 6.0)
      responders
      warden (~> 1.2.3)
    devise_token_auth (1.1.3)
      bcrypt (~> 3.0)
      devise (> 3.5.2, < 5)
      rails (>= 4.2.0, < 6.1)
    diff-lcs (1.3)
    docile (1.3.2)
    dotenv (2.7.4)
    dotenv-rails (2.7.4)
      dotenv (= 2.7.4)
      railties (>= 3.2, < 6.1)
    ed25519 (1.2.4)
    erubi (1.8.0)
    et-orbi (1.2.1)
      tzinfo
    eu_central_bank (1.4.2)
      money (~> 6.13)
      nokogiri (~> 1.8)
    excon (0.64.0)
    execjs (2.7.0)
    factory_bot (5.0.2)
      activesupport (>= 4.2.0)
    factory_bot_rails (5.0.2)
      factory_bot (~> 5.0.2)
      railties (>= 4.2.0)
    faker (2.1.0)
      i18n (>= 0.7)
    faraday (0.15.4)
      multipart-post (>= 1.2, < 3)
    faraday_middleware (0.13.1)
      faraday (>= 0.7.4, < 1.0)
    fast-polylines (1.0.0)
    fast_jsonapi (1.5)
      activesupport (>= 4.2)
    ffi (1.11.1)
    file_validators (2.3.0)
      activemodel (>= 3.2)
      mime-types (>= 1.0)
    font-awesome-rails (4.7.0.5)
      railties (>= 3.2, < 6.1)
    fugit (1.3.2)
      et-orbi (~> 1.1, >= 1.1.8)
      raabro (~> 1.1)
    fuubar (2.4.1)
      rspec-core (~> 3.0)
      ruby-progressbar (~> 1.4)
    geocoder (1.5.2)
    gitlab (4.11.0)
      httparty (~> 0.14, >= 0.14.0)
      terminal-table (~> 1.5, >= 1.5.1)
    globalid (0.4.2)
      activesupport (>= 4.2.0)
    globalize-accessors (0.2.1)
      globalize (~> 5.0, >= 5.0.0)
    google-api-client (0.36.4)
      addressable (~> 2.5, >= 2.5.1)
      googleauth (~> 0.9)
      httpclient (>= 2.8.1, < 3.0)
      mini_mime (~> 1.0)
      representable (~> 3.0)
      retriable (>= 2.0, < 4.0)
      signet (~> 0.12)
    google-cloud-core (1.4.1)
      google-cloud-env (~> 1.0)
    google-cloud-env (1.3.0)
      faraday (~> 0.11)
    google-cloud-translate (2.0.0)
      faraday (~> 0.13)
      google-cloud-core (~> 1.2)
      google-gax (~> 1.7)
    google-gax (1.8.1)
      google-protobuf (~> 3.9)
      googleapis-common-protos (>= 1.3.9, < 2.0)
      googleauth (~> 0.9)
      grpc (~> 1.24)
      rly (~> 0.2.3)
    google-protobuf (3.10.1)
    google_drive (3.0.4)
      google-api-client (>= 0.11.0, < 0.37.0)
      googleauth (>= 0.5.0, < 1.0.0)
      nokogiri (>= 1.5.3, < 2.0.0)
    googleapis-common-protos (1.3.9)
      google-protobuf (~> 3.0)
      googleapis-common-protos-types (~> 1.0)
      grpc (~> 1.0)
    googleapis-common-protos-types (1.0.4)
      google-protobuf (~> 3.0)
    googleauth (0.10.0)
      faraday (~> 0.12)
      jwt (>= 1.4, < 3.0)
      memoist (~> 0.16)
      multi_json (~> 1.11)
      os (>= 0.9, < 2.0)
      signet (~> 0.12)
    grpc (1.24.0)
      google-protobuf (~> 3.8)
      googleapis-common-protos-types (~> 1.0)
    haml (5.1.1)
      temple (>= 0.8.0)
      tilt
    hashie (3.6.0)
    hiredis (0.6.3)
    http_accept_language (2.1.1)
    httparty (0.17.0)
      mime-types (~> 3.0)
      multi_xml (>= 0.5.2)
    httpclient (2.8.3)
    i18n (1.8.8)
      concurrent-ruby (~> 1.0)
    jaro_winkler (1.5.3)
    jbuilder (2.9.1)
      activesupport (>= 4.2.0)
    jquery-rails (4.3.5)
      rails-dom-testing (>= 1, < 3)
      railties (>= 4.2.0)
      thor (>= 0.14, < 2.0)
    jquery-ui-rails (6.0.1)
      railties (>= 3.2.16)
    json (2.2.0)
    jsonapi-renderer (0.2.2)
    jsonapi.rb (1.5.3)
      fast_jsonapi (~> 1.5)
      rack
      ransack
    jwt (2.2.1)
    kaminari (1.1.1)
      activesupport (>= 4.1.0)
      kaminari-actionview (= 1.1.1)
      kaminari-activerecord (= 1.1.1)
      kaminari-core (= 1.1.1)
    kaminari-actionview (1.1.1)
      actionview
      kaminari-core (= 1.1.1)
    kaminari-activerecord (1.1.1)
      activerecord
      kaminari-core (= 1.1.1)
    kaminari-core (1.1.1)
    launchy (2.4.3)
      addressable (~> 2.3)
    letter_opener (1.7.0)
      launchy (~> 2.2)
    listen (3.1.5)
      rb-fsevent (~> 0.9, >= 0.9.4)
      rb-inotify (~> 0.9, >= 0.9.7)
      ruby_dep (~> 1.2)
    loofah (2.2.3)
      crass (~> 1.0.2)
      nokogiri (>= 1.5.9)
    mail (2.7.1)
      mini_mime (>= 0.1.1)
    marcel (0.3.3)
      mimemagic (~> 0.3.2)
    memoist (0.16.0)
    meta-tags (2.11.1)
      actionpack (>= 3.2.0, < 6.1)
    method_source (0.9.2)
    mime-types (3.3.1)
      mime-types-data (~> 3.2015)
    mime-types-data (3.2020.1104)
    mimemagic (0.3.3)
    mini_magick (4.9.3)
    mini_mime (1.0.1)
    mini_portile2 (2.4.0)
    minitest (5.14.3)
    monetize (1.9.1)
      money (~> 6.12)
    money (6.13.4)
      i18n (>= 0.6.4, <= 2)
    money-rails (1.13.2)
      activesupport (>= 3.0)
      monetize (~> 1.9.0)
      money (~> 6.13.2)
      railties (>= 3.0)
    msgpack (1.3.3)
    multi_json (1.13.1)
    multi_xml (0.6.0)
    multipart-post (2.1.1)
    nested_form (0.3.2)
    net-scp (2.0.0)
      net-ssh (>= 2.6.5, < 6.0.0)
    net-ssh (5.2.0)
    newrelic_rpm (6.9.0.363)
    nio4r (2.3.1)
    nokogiri (1.10.3)
      mini_portile2 (~> 2.4.0)
    oauth (0.5.4)
    oauth2 (1.4.1)
      faraday (>= 0.8, < 0.16.0)
      jwt (>= 1.0, < 3.0)
      multi_json (~> 1.3)
      multi_xml (~> 0.5)
      rack (>= 1.2, < 3)
    octokit (4.14.0)
      sawyer (~> 0.8.0, >= 0.5.3)
    oj (3.7.12)
    oj_mimic_json (1.0.1)
    omniauth (1.9.0)
      hashie (>= 3.4.6, < 3.7.0)
      rack (>= 1.6.2, < 3)
    omniauth-facebook (5.0.0)
      omniauth-oauth2 (~> 1.2)
    omniauth-google-oauth2 (0.7.0)
      jwt (>= 2.0)
      omniauth (>= 1.1.1)
      omniauth-oauth2 (>= 1.5)
    omniauth-linkedin-oauth2 (1.0.0)
      omniauth-oauth2
    omniauth-oauth (1.1.0)
      oauth
      omniauth (~> 1.0)
    omniauth-oauth2 (1.6.0)
      oauth2 (~> 1.1)
      omniauth (~> 1.9)
    omniauth-twitter (1.4.0)
      omniauth-oauth (~> 1.1)
      rack
    orm_adapter (0.5.0)
    os (1.0.1)
    parallel (1.17.0)
    parser (2.6.3.0)
      ast (~> 2.4.0)
    pg (1.1.4)
    pg_search (2.3.0)
      activerecord (>= 4.2)
      activesupport (>= 4.2)
    polyamorous (2.3.0)
      activerecord (>= 5.0)
    pronto (0.10.0)
      gitlab (~> 4.0, >= 4.0.0)
      httparty (>= 0.13.7)
      octokit (~> 4.7, >= 4.7.0)
      rainbow (>= 2.2, < 4.0)
      rugged (~> 0.24, >= 0.23.0)
      thor (~> 0.20.0)
    pronto-rubocop (0.10.0)
      pronto (~> 0.10.0)
      rubocop (~> 0.50, >= 0.49.1)
    pry (0.12.2)
      coderay (~> 1.1.0)
      method_source (~> 0.9.0)
    pry-rails (0.3.9)
      pry (>= 0.10.4)
    public_suffix (3.1.0)
    puma (3.12.1)
    punching_bag (0.6.1)
      railties (>= 3.2)
      voight_kampff (~> 0.2)
    pundit (2.0.1)
      activesupport (>= 3.0.0)
    pundit-matchers (1.6.0)
      rspec-rails (>= 3.0.0)
    raabro (1.1.6)
    rack (2.0.7)
    rack-cors (1.0.3)
    rack-pjax (1.1.0)
      nokogiri (~> 1.5)
      rack (>= 1.1)
    rack-protection (2.0.5)
      rack
    rack-test (1.1.0)
      rack (>= 1.0, < 3)
    rails (5.2.3)
      actioncable (= 5.2.3)
      actionmailer (= 5.2.3)
      actionpack (= 5.2.3)
      actionview (= 5.2.3)
      activejob (= 5.2.3)
      activemodel (= 5.2.3)
      activerecord (= 5.2.3)
      activestorage (= 5.2.3)
      activesupport (= 5.2.3)
      bundler (>= 1.3.0)
      railties (= 5.2.3)
      sprockets-rails (>= 2.0.0)
    rails-assets-jcrop (2.0.4)
    rails-dom-testing (2.0.3)
      activesupport (>= 4.2.0)
      nokogiri (>= 1.6)
    rails-erd (1.6.0)
      activerecord (>= 4.2)
      activesupport (>= 4.2)
      choice (~> 0.2.0)
      ruby-graphviz (~> 1.2)
    rails-html-sanitizer (1.0.4)
      loofah (~> 2.2, >= 2.2.2)
    rails-i18n (5.1.3)
      i18n (>= 0.7, < 2)
      railties (>= 5.0, < 6)
    rails_admin (1.4.2)
      builder (~> 3.1)
      coffee-rails (~> 4.0)
      font-awesome-rails (>= 3.0, < 5)
      haml (>= 4.0, < 6)
      jquery-rails (>= 3.0, < 5)
      jquery-ui-rails (>= 5.0, < 7)
      kaminari (>= 0.14, < 2.0)
      nested_form (~> 0.3)
      rack-pjax (>= 0.7)
      rails (>= 4.0, < 6)
      remotipart (~> 1.3)
      sass-rails (>= 4.0, < 6)
    rails_admin_globalize_field (0.4.0)
      globalize (>= 5.0)
      rails (>= 4.2)
      rails_admin (>= 0.6.2)
    railties (5.2.3)
      actionpack (= 5.2.3)
      activesupport (= 5.2.3)
      method_source
      rake (>= 0.8.7)
      thor (>= 0.19.0, < 2.0)
    rainbow (3.0.0)
    rake (12.3.2)
    ransack (2.3.0)
      actionpack (>= 5.0)
      activerecord (>= 5.0)
      activesupport (>= 5.0)
      i18n
      polyamorous (= 2.3.0)
    rb-fsevent (0.10.3)
    rb-inotify (0.10.0)
      ffi (~> 1.0)
    rb-readline (0.5.5)
    redis (4.0.2)
    remotipart (1.4.3)
    representable (3.0.4)
      declarative (< 0.1.0)
      declarative-option (< 0.2.0)
      uber (< 0.2.0)
    request_store (1.4.1)
      rack (>= 1.4)
    responders (2.4.1)
      actionpack (>= 4.2.0, < 6.0)
      railties (>= 4.2.0, < 6.0)
    retriable (3.1.2)
    rly (0.2.3)
    roo (2.7.1)
      nokogiri (~> 1)
      rubyzip (~> 1.1, < 2.0.0)
    rspec-core (3.8.1)
      rspec-support (~> 3.8.0)
    rspec-expectations (3.8.4)
      diff-lcs (>= 1.2.0, < 2.0)
      rspec-support (~> 3.8.0)
    rspec-mocks (3.8.1)
      diff-lcs (>= 1.2.0, < 2.0)
      rspec-support (~> 3.8.0)
    rspec-rails (3.8.2)
      actionpack (>= 3.0)
      activesupport (>= 3.0)
      railties (>= 3.0)
      rspec-core (~> 3.8.0)
      rspec-expectations (~> 3.8.0)
      rspec-mocks (~> 3.8.0)
      rspec-support (~> 3.8.0)
    rspec-support (3.8.2)
    rubocop (0.71.0)
      jaro_winkler (~> 1.5.1)
      parallel (~> 1.10)
      parser (>= 2.6)
      rainbow (>= 2.2.2, < 4.0)
      ruby-progressbar (~> 1.7)
      unicode-display_width (>= 1.4.0, < 1.7)
    rubocop-rails (2.0.1)
      rack (>= 1.1)
      rubocop (>= 0.70.0)
    rubocop-rspec (1.33.0)
      rubocop (>= 0.60.0)
    ruby-graphviz (1.2.4)
    ruby-progressbar (1.10.1)
    ruby_dep (1.5.0)
    rubyzip (1.3.0)
    rugged (0.28.2)
    sass (3.7.4)
      sass-listen (~> 4.0.0)
    sass-listen (4.0.0)
      rb-fsevent (~> 0.9, >= 0.9.4)
      rb-inotify (~> 0.9, >= 0.9.7)
    sass-rails (5.0.7)
      railties (>= 4.0.0, < 6)
      sass (~> 3.1)
      sprockets (>= 2.8, < 4.0)
      sprockets-rails (>= 2.0, < 4.0)
      tilt (>= 1.1, < 3)
    sawyer (0.8.2)
      addressable (>= 2.3.5)
      faraday (> 0.8, < 2.0)
    sentry-raven (2.13.0)
      faraday (>= 0.7.6, < 1.0)
    shoulda-matchers (4.1.0)
      activesupport (>= 4.2.0)
    sidekiq (5.2.7)
      connection_pool (~> 2.2, >= 2.2.2)
      rack (>= 1.5.0)
      rack-protection (>= 1.5.0)
      redis (>= 3.3.5, < 5)
    sidekiq-cron (1.1.0)
      fugit (~> 1.1)
      sidekiq (>= 4.2.1)
    signet (0.12.0)
      addressable (~> 2.3)
      faraday (~> 0.9)
      jwt (>= 1.5, < 3.0)
      multi_json (~> 1.10)
    simple_form (4.1.0)
      actionpack (>= 5.0)
      activemodel (>= 5.0)
    simplecov (0.17.0)
      docile (~> 1.1)
      json (>= 1.8, < 3)
      simplecov-html (~> 0.10.0)
    simplecov-html (0.10.2)
    sitemap_generator (6.0.2)
      builder (~> 3.0)
    spring (2.0.2)
      activesupport (>= 4.2)
    spring-watcher-listen (2.0.1)
      listen (>= 2.7, < 4.0)
      spring (>= 1.2, < 3.0)
    sprockets (3.7.2)
      concurrent-ruby (~> 1.0)
      rack (> 1, < 3)
    sprockets-rails (3.2.1)
      actionpack (>= 4.0)
      activesupport (>= 4.0)
      sprockets (>= 3.0.0)
    sshkit (1.20.0)
      net-scp (>= 1.1.2)
      net-ssh (>= 2.8.0)
    ssrf_filter (1.0.7)
    store_attribute (0.5.3)
      activerecord (>= 5.0)
    store_model (0.3.2)
      rails (>= 5.2)
    strings (0.1.5)
      strings-ansi (~> 0.1)
      unicode-display_width (~> 1.5)
      unicode_utils (~> 1.4)
    strings-ansi (0.1.0)
    temple (0.8.1)
    terminal-table (1.8.0)
      unicode-display_width (~> 1.1, >= 1.1.1)
    terrapin (0.6.0)
      climate_control (>= 0.0.3, < 1.0)
    thor (0.20.3)
    thread_safe (0.3.6)
    tilt (2.0.9)
    timecop (0.9.1)
    tzinfo (1.2.9)
      thread_safe (~> 0.1)
    uber (0.1.0)
    unicode-display_width (1.6.0)
    unicode_utils (1.4.0)
    versionist (2.0.0)
      activesupport (>= 3)
      railties (>= 3)
      yard (~> 0.9.11)
    voight_kampff (0.2.2)
      httpclient (~> 2.2)
      nokogiri (~> 1.6)
    warden (1.2.8)
      rack (>= 2.0.6)
    web-console (3.7.0)
      actionview (>= 5.0)
      activemodel (>= 5.0)
      bindex (>= 0.4.0)
      railties (>= 5.0)
    websocket-driver (0.7.1)
      websocket-extensions (>= 0.1.0)
    websocket-extensions (0.1.4)
    yard (0.9.19)

PLATFORMS
  ruby

DEPENDENCIES
  active_model_serializers (~> 0.10.0)
  anycable-rails
  anyway_config (= 1.4.4)
  awesome_pry
  bcrypt_pbkdf
  better_errors
  binding_of_caller
  bootsnap (>= 1.1.0)
  bson
  bson_ext
  byebug
  capistrano
  carrierwave (~> 1.3)
  ckeditor (~> 4.2)
  colorscore
  concurrent-ruby
  database_cleaner
  devise
  devise_token_auth
  dotenv-rails (~> 2.7.4)
  ed25519
  eu_central_bank
  excon
  factory_bot_rails
  faker (>= 2.0.0)
  faraday (= 0.15.4)
  faraday_middleware (= 0.13.1)
  fast-polylines
  fast_jsonapi
  file_validators
  fuubar (>= 2.4.1)
  geocoder
  globalize!
  globalize-accessors
  google-cloud-translate
  google_drive (= 3.0.4)
  hiredis
  http_accept_language
  jbuilder (~> 2.5)
  jquery-rails
  jsonapi.rb
  kaminari
  letter_opener
  listen (>= 3.0.5, < 3.2)
  meta-tags
  mini_magick (~> 4.8)
  monetize
  money-rails (~> 1.12)
  newrelic_rpm
  nokogiri
  oj
  oj_mimic_json
  omniauth (~> 1.9.0)
  omniauth-facebook
  omniauth-google-oauth2
  omniauth-linkedin-oauth2
  omniauth-twitter
  pg (>= 0.18, < 2.0)
  pg_search
  pronto
  pronto-rubocop
  puma (~> 3.11)
  punching_bag
  pundit (>= 2.0.0)
  pundit-matchers (~> 1.6.0)
  rack-cors
  rails (= 5.2.3)
  rails-assets-jcrop!
  rails-erd
  rails-i18n (~> 5.1)
  rails_admin (~> 1.4, >= 1.4.2)
  rails_admin_globalize_field
  rails_admin_softwarebrothers_theme!
  ransack
  rb-readline
  redis (~> 4.0)
  roo (~> 2.7.0)
  rspec-rails (~> 3.8)
  rubocop
  rubocop-rails
  rubocop-rspec
  sass-rails (~> 5.0)
  sentry-raven
  shoulda-matchers (~> 4.1)
  sidekiq (~> 5.2.7)
  sidekiq-cron (~> 1.1)
  simple_form
  simplecov
  sitemap_generator
  spring
  spring-watcher-listen (~> 2.0.0)
  store_attribute (~> 0.5.0)
  store_model
  strings
  timecop
  tzinfo-data
  unicode_utils
  versionist
  web-console (>= 3.3.0)

RUBY VERSION
   ruby 2.5.5p157

BUNDLED WITH
   2.0.2
